PATH
  remote: .
  specs:
    foodtruck_finder (0.1.0)
      irb (~> 0.9.6)
      soda-ruby (~> 1.0.0)
      terminal-table (~> 1.8)
      thor (~> 0.20)

GEM
  remote: https://rubygems.org/
  specs:
    diff-lcs (1.3)
    ffi (1.11.1)
    hashie (3.6.0)
    irb (0.9.6)
    multipart-post (2.0.0)
    rake (10.5.0)
    rspec (3.9.0)
      rspec-core (~> 3.9.0)
      rspec-expectations (~> 3.9.0)
      rspec-mocks (~> 3.9.0)
    rspec-core (3.9.0)
      rspec-support (~> 3.9.0)
    rspec-expectations (3.9.0)
      diff-lcs (>= 1.2.0, < 2.0)
      rspec-support (~> 3.9.0)
    rspec-mocks (3.9.0)
      diff-lcs (>= 1.2.0, < 2.0)
      rspec-support (~> 3.9.0)
    rspec-support (3.9.0)
    soda-ruby (1.0.0)
      hashie (~> 3.5)
      multipart-post (~> 2.0.0)
      sys-uname (~> 1.0.2)
    sys-uname (1.0.4)
      ffi (>= 1.0.0)
    terminal-table (1.8.0)
      unicode-display_width (~> 1.1, >= 1.1.1)
    thor (0.20.3)
    unicode-display_width (1.6.0)

PLATFORMS
  ruby

DEPENDENCIES
  bundler (~> 1.17)
  foodtruck_finder!
  rake (~> 10.0)
  rspec (~> 3.0)

BUNDLED WITH
   1.17.2
